GEM
  remote: https://rubygems.org/
  specs:
    awesome_print (1.7.0)
    escape_utils (1.2.1)
    minitest (5.10.1)

PLATFORMS
  ruby

DEPENDENCIES
  awesome_print
  escape_utils
  minitest (>= 5.10.1)

RUBY VERSION
   ruby 2.3.3p222

BUNDLED WITH
   1.14.5
