GEM
  remote: https://rubygems.org/
  specs:
    awesome_print (1.7.0)
    backports (3.6.8)
    escape_utils (1.2.1)
    foreman (0.83.0)
      thor (~> 0.19.1)
    minitest (5.10.1)
    multi_json (1.12.1)
    puma (3.7.1)
    rack (1.6.5)
    rack-protection (1.5.3)
      rack
    rack-test (0.6.3)
      rack (>= 1.0)
    sinatra (1.4.8)
      rack (~> 1.5)
      rack-protection (~> 1.4)
      tilt (>= 1.3, < 3)
    sinatra-contrib (1.4.7)
      backports (>= 2.0)
      multi_json
      rack-protection
      rack-test
      sinatra (~> 1.4.0)
      tilt (>= 1.3, < 3)
    thor (0.19.4)
    tilt (2.0.6)

PLATFORMS
  ruby

DEPENDENCIES
  awesome_print
  escape_utils
  foreman
  minitest (>= 5.10.1)
  puma
  sinatra
  sinatra-contrib

RUBY VERSION
   ruby 2.3.3p222

BUNDLED WITH
   1.14.5
